GEM
  remote: https://rubygems.org/
  specs:
    byebug (11.1.3)
    coderay (1.1.3)
    ffaker (2.21.0)
    google-protobuf (3.21.7-x86_64-linux)
    googleapis-common-protos-types (1.4.0)
      google-protobuf (~> 3.14)
    grpc (1.49.1-x86_64-linux)
      google-protobuf (~> 3.21)
      googleapis-common-protos-types (~> 1.0)
    grpc-tools (1.49.1)
    method_source (1.0.0)
    pry (0.14.1)
      coderay (~> 1.1)
      method_source (~> 1.0)
    pry-byebug (3.10.1)
      byebug (~> 11.0)
      pry (>= 0.13, < 0.15)

PLATFORMS
  x86_64-linux

DEPENDENCIES
  byebug
  ffaker
  grpc (~> 1.49, >= 1.49.1)
  grpc-tools (~> 1.49, >= 1.49.1)
  pry
  pry-byebug

BUNDLED WITH
   2.3.22
